GEM
  remote: https://rubygems.org/
  specs:
    childprocess (0.9.0)
      ffi (~> 1.0, >= 1.0.11)
    ffi (1.9.25-x64-mingw32)
    mustermann (1.0.3)
    phantomjs (2.1.1.0)
    rack (2.0.5)
    rack-protection (2.0.4)
      rack
    rubyzip (1.2.2)
    selenium-webdriver (3.6.0)
      childprocess (~> 0.5)
      rubyzip (~> 1.0)
    sinatra (2.0.4)
      mustermann (~> 1.0)
      rack (~> 2.0)
      rack-protection (= 2.0.4)
      tilt (~> 2.0)
    tilt (2.0.8)

PLATFORMS
  x64-mingw32

DEPENDENCIES
  phantomjs
  selenium-webdriver (~> 3.6.0)
  sinatra

BUNDLED WITH
   1.16.6
